GEM
  remote: https://rubygems.org/
  specs:
    sass (3.3.4)

PLATFORMS
  ruby

DEPENDENCIES
  sass (~> 3.3.0)
